GIT
  remote: https://github.com/dry-rb/dry-system.git
  revision: 5f69bbc64be3d73864700c0f88d6f50541e00d3a
  specs:
    dry-system (0.14.1)
      concurrent-ruby (~> 1.0)
      dry-auto_inject (>= 0.4.0)
      dry-configurable (~> 0.7)
      dry-container (~> 0.7, >= 0.7.2)
      dry-core (~> 0.3, >= 0.3.1)
      dry-equalizer (~> 0.2)
      dry-inflector (~> 0.1, >= 0.1.2)
      dry-struct (~> 1.0)

PATH
  remote: .
  specs:
    dry-system-dependency_graph (0.1.0)
      erubis
      sinatra

GEM
  remote: https://rubygems.org/
  specs:
    concurrent-ruby (1.1.5)
    diff-lcs (1.3)
    dry-auto_inject (0.7.0)
      dry-container (>= 0.3.4)
    dry-configurable (0.8.3)
      concurrent-ruby (~> 1.0)
      dry-core (~> 0.4, >= 0.4.7)
    dry-container (0.7.2)
      concurrent-ruby (~> 1.0)
      dry-configurable (~> 0.1, >= 0.1.3)
    dry-core (0.4.9)
      concurrent-ruby (~> 1.0)
    dry-equalizer (0.2.2)
    dry-events (0.2.0)
      concurrent-ruby (~> 1.0)
      dry-core (~> 0.4)
      dry-equalizer (~> 0.2)
    dry-inflector (0.2.0)
    dry-logic (1.0.5)
      concurrent-ruby (~> 1.0)
      dry-core (~> 0.2)
      dry-equalizer (~> 0.2)
    dry-monitor (0.3.1)
      dry-configurable (~> 0.5)
      dry-core (~> 0.4)
      dry-equalizer (~> 0.2)
      dry-events (~> 0.1)
    dry-struct (1.1.1)
      dry-core (~> 0.4, >= 0.4.3)
      dry-equalizer (~> 0.2)
      dry-types (~> 1.0)
      ice_nine (~> 0.11)
    dry-types (1.2.1)
      concurrent-ruby (~> 1.0)
      dry-container (~> 0.3)
      dry-core (~> 0.4, >= 0.4.4)
      dry-equalizer (~> 0.2, >= 0.2.2)
      dry-inflector (~> 0.1, >= 0.1.2)
      dry-logic (~> 1.0, >= 1.0.2)
    erubis (2.7.0)
    ice_nine (0.11.2)
    mustermann (1.1.1)
      ruby2_keywords (~> 0.0.1)
    rack (2.2.6.2)
    rack-protection (2.2.0)
      rack
    rake (13.0.1)
    rspec (3.8.0)
      rspec-core (~> 3.8.0)
      rspec-expectations (~> 3.8.0)
      rspec-mocks (~> 3.8.0)
    rspec-core (3.8.2)
      rspec-support (~> 3.8.0)
    rspec-expectations (3.8.4)
      diff-lcs (>= 1.2.0, < 2.0)
      rspec-support (~> 3.8.0)
    rspec-mocks (3.8.1)
      diff-lcs (>= 1.2.0, < 2.0)
      rspec-support (~> 3.8.0)
    rspec-support (3.8.2)
    ruby2_keywords (0.0.5)
    sinatra (2.2.0)
      mustermann (~> 1.0)
      rack (~> 2.2)
      rack-protection (= 2.2.0)
      tilt (~> 2.0)
    tilt (2.0.10)

PLATFORMS
  ruby

DEPENDENCIES
  bundler (~> 2.0)
  dry-events
  dry-monitor
  dry-system!
  dry-system-dependency_graph!
  rake (~> 13.0)
  rspec (~> 3.0)

BUNDLED WITH
   2.0.2
